GEM
  remote: https://rubygems.org/
  specs:
    bcrypt (3.1.12)
    crass (1.0.4)
    json (2.1.0)
    mini_portile2 (2.3.0)
    nokogiri (1.8.4)
      mini_portile2 (~> 2.3.0)
    nokogumbo (1.5.0)
      nokogiri
    rack (2.0.5)
    sanitize (4.6.6)
      crass (~> 1.0.2)
      nokogiri (>= 1.4.4)
      nokogumbo (~> 1.4)

PLATFORMS
  ruby

DEPENDENCIES
  bcrypt!
  json!
  rack!
  sanitize!

BUNDLED WITH
   1.16.4
